GEM
  remote: https://rubygems.org/
  specs:
    bcrypt (3.1.11)
    concurrent-ruby (1.0.5)
    dry-auto_inject (0.4.3)
      dry-container (>= 0.3.4)
    dry-configurable (0.7.0)
      concurrent-ruby (~> 1.0)
    dry-container (0.6.0)
      concurrent-ruby (~> 1.0)
      dry-configurable (~> 0.1, >= 0.1.3)
    dry-core (0.3.1)
      concurrent-ruby (~> 1.0)
    dry-equalizer (0.2.0)
    dry-system (0.7.3)
      concurrent-ruby (~> 1.0)
      dry-auto_inject (>= 0.4.0)
      dry-configurable (~> 0.7, >= 0.7.0)
      dry-container (~> 0.6)
      dry-core (>= 0.3.1)
      dry-equalizer (~> 0.2)
      inflecto (>= 0.0.2)
    faker (1.8.4)
      i18n (~> 0.5)
    i18n (0.8.6)
    inflecto (0.0.2)
    jwt (1.5.6)
    kgio (2.11.0)
    metaclass (0.0.4)
    minitest (5.10.3)
    mocha (1.2.1)
      metaclass (~> 0.0.1)
    rack (2.0.3)
    rack-parser (0.7.0)
      rack
    raindrops (0.19.0)
    roda (2.29.0)
      rack
    roda-rest_api (2.0.1)
      roda (~> 2)
    sequel (4.49.0)
    sqlite3 (1.3.13)
    unicorn (5.3.0)
      kgio (~> 2.6)
      raindrops (~> 0.7)

PLATFORMS
  ruby

DEPENDENCIES
  bcrypt (~> 3.1, >= 3.1.11)
  dry-system (~> 0.7.3)
  faker (~> 1.8, >= 1.8.4)
  jwt (~> 1.5, >= 1.5.6)
  minitest (~> 5.10, >= 5.10.3)
  mocha (~> 1.2, >= 1.2.1)
  rack-parser (~> 0.7.0)
  roda (~> 2.29)
  roda-rest_api (~> 2.0, >= 2.0.1)
  sequel (~> 4.49)
  sqlite3 (~> 1.3, >= 1.3.13)
  unicorn

BUNDLED WITH
   1.15.4
